GEM
  remote: http://rubygems.org/
  specs:
    addressable (2.5.2)
      public_suffix (>= 2.0.2, < 4.0)
    cookiejar (0.3.3)
    em-http-request (1.1.5)
      addressable (>= 2.3.4)
      cookiejar (!= 0.3.1)
      em-socksify (>= 0.3)
      eventmachine (>= 1.0.3)
      http_parser.rb (>= 0.6.0)
    em-mqtt (0.0.5)
      eventmachine
      mqtt (>= 0.3.0)
    em-socksify (0.3.2)
      eventmachine (>= 1.0.0.beta.4)
    eventmachine (1.2.5)
    http_parser.rb (0.6.0)
    json (2.1.0)
    mqtt (0.5.0)
    public_suffix (3.0.2)
    roauth (0.0.8)
    twitter-stream (0.1.12)
      eventmachine (>= 0.12.8)
      roauth (>= 0.0.2)

PLATFORMS
  ruby

DEPENDENCIES
  em-http-request
  em-mqtt
  eventmachine (>= 1.0.0.beta)
  json
  twitter-stream

BUNDLED WITH
   1.13.7
